GEM
  remote: http://rubygems.org/
  specs:
    haml (3.1.4)
    json (1.6.6)
    multi_json (1.3.5)
    pusher (0.9.3)
      multi_json (~> 1.0)
      signature (~> 0.1.2)
    rack (1.4.1)
    rack-protection (1.2.0)
      rack
    signature (0.1.3)
    sinatra (1.3.2)
      rack (~> 1.3, >= 1.3.6)
      rack-protection (~> 1.2)
      tilt (~> 1.3, >= 1.3.3)
    tilt (1.3.3)

PLATFORMS
  ruby

DEPENDENCIES
  haml
  json
  pusher
  sinatra
